GEM
  remote: https://rubygems.org/
  specs:
    addressable (2.3.6)
    backports (3.6.0)
    coderay (1.1.0)
    diff-lcs (1.1.3)
    ethon (0.7.1)
      ffi (>= 1.3.0)
    facter (1.7.6)
    faraday (0.9.0)
      multipart-post (>= 1.2, < 3)
    faraday_middleware (0.9.1)
      faraday (>= 0.7.4, < 0.10)
    ffi (1.9.3)
    gh (0.13.2)
      addressable
      backports
      faraday (~> 0.8)
      multi_json (~> 1.0)
      net-http-persistent (>= 2.7)
      net-http-pipeline
    hiera (1.3.4)
      json_pure
    highline (1.6.21)
    inifile (2.0.2)
    json (1.8.1)
    json_pure (1.8.1)
    jumanjiman_spec_helper (0.2.0)
      inifile (~> 2.0.2)
      minigit (~> 0.0.3)
      rake (>= 10.0)
      rspec (= 2.12.0)
    launchy (2.4.2)
      addressable (~> 2.3)
    metaclass (0.0.4)
    method_source (0.8.2)
    minigit (0.0.4)
    minitest (5.0.8)
    mocha (1.1.0)
      metaclass (~> 0.0.1)
    multi_json (1.10.1)
    multipart-post (2.0.0)
    net-http-persistent (2.9.4)
    net-http-pipeline (1.0.1)
    pry (0.9.12.6)
      coderay (~> 1.0)
      method_source (~> 0.8)
      slop (~> 3.4)
    puppet (3.6.2)
      facter (> 1.6, < 3)
      hiera (~> 1.0)
      json_pure
      rgen (~> 0.6.5)
    pusher-client (0.6.0)
      json
      websocket (~> 1.0)
    rake (10.3.2)
    rgen (0.6.6)
    rspec (2.12.0)
      rspec-core (~> 2.12.0)
      rspec-expectations (~> 2.12.0)
      rspec-mocks (~> 2.12.0)
    rspec-core (2.12.2)
    rspec-expectations (2.12.1)
      diff-lcs (~> 1.1.3)
    rspec-mocks (2.12.2)
    slop (3.6.0)
    travis (1.7.0)
      addressable (~> 2.3)
      backports
      faraday (~> 0.9)
      faraday_middleware (~> 0.9, >= 0.9.1)
      gh (~> 0.13)
      highline (~> 1.6)
      launchy (~> 2.1)
      pry (~> 0.9, < 0.10)
      pusher-client (~> 0.4)
      typhoeus (~> 0.6, >= 0.6.8)
    travis-lint (2.0.0)
      json
    typhoeus (0.6.9)
      ethon (>= 0.7.1)
    websocket (1.2.0)

PLATFORMS
  ruby

DEPENDENCIES
  facter (~> 1.6)
  hiera (~> 1.0)
  jumanjiman_spec_helper
  minitar (~> 0.5.4)
  minitest (~> 5.0.0)
  mocha
  puppet (>= 2.7)
  rake (~> 10.0)
  rspec
  rspec-core
  rspec-expectations
  rspec-mocks
  sys-admin (~> 1.5.6)
  travis
  travis-lint
  win32-api (~> 1.4.8)
  win32-dir (~> 0.3.7)
  win32-eventlog (~> 0.5.3)
  win32-process (~> 0.6.5)
  win32-security (~> 0.1.4)
  win32-service (~> 0.7.2)
  win32-taskscheduler (~> 0.2.2)
  win32/registry
  win32console (~> 1.3.2)
  windows-api (~> 0.4.2)
  windows-pr (~> 1.2.1)
